STORAGE: NONE
RESTRICTION: == net47
NUGET
  remote: https://www.nuget.org/api/v2
    Elmish (2.0.0-beta-1)
      FSharp.Core (>= 4.3.2)
    FSharp.Core (4.3.3) - redirects: force

GROUP Build
RESTRICTION: >= net45
NUGET
  remote: https://www.nuget.org/api/v2
    FAKE (4.64.4)
    FSharp.Core (4.3.3) - redirects: force

GROUP sample
NUGET
  remote: https://www.nuget.org/api/v2
    FsXaml.Wpf (3.1.6)
